GEM
  remote: http://rubygems.org/
  specs:
    backports (2.5.3)
    bourbon (2.1.0)
      sass (>= 3.1)
    bson (1.6.2)
    bson_ext (1.6.2)
      bson (~> 1.6.2)
    daemons (1.1.8)
    eventmachine (0.12.10)
    execjs (1.3.2)
      multi_json (~> 1.0)
    haml (3.1.5)
    hashes (0.0.1)
    jsmin (1.0.1)
    json (1.7.3)
    mongo (1.6.2)
      bson (~> 1.6.2)
    multi_json (1.3.5)
    rack (1.4.1)
    rack-protection (1.2.0)
      rack
    rack-test (0.6.1)
      rack (>= 1.0)
    sass (3.1.18)
    sinatra (1.3.2)
      rack (~> 1.3, >= 1.3.6)
      rack-protection (~> 1.2)
      tilt (~> 1.3, >= 1.3.3)
    sinatra-assetpack (0.0.11)
      jsmin
      rack-test
      sinatra
      tilt (>= 1.3.0)
    sinatra-contrib (1.3.1)
      backports (>= 2.0)
      eventmachine
      rack-protection
      rack-test
      sinatra (~> 1.3.0)
      tilt (~> 1.3)
    sinatra-ember (0.0.1)
      sinatra
    sinatra-reloader (1.0)
      sinatra-contrib
    thin (1.3.1)
      daemons (>= 1.0.9)
      eventmachine (>= 0.12.6)
      rack (>= 1.0.0)
    tilt (1.3.3)
    uglifier (1.2.4)
      execjs (>= 0.3.0)
      multi_json (>= 1.0.2)

PLATFORMS
  ruby

DEPENDENCIES
  bourbon
  bson_ext
  haml
  hashes
  json
  mongo
  sass
  sinatra
  sinatra-assetpack
  sinatra-ember
  sinatra-reloader
  thin
  uglifier
